GIT
  remote: git://github.com/couchrest/couchrest_model.git
  revision: 98772ae98a4685d6a69a77a50d30bd2118cc3aad
  specs:
    couchrest_model (1.1.0.rc1)
      activemodel (~> 3.0)
      couchrest (= 1.1.0.pre3)
      mime-types (~> 1.15)
      tzinfo (~> 0.3.22)

GEM
  remote: http://rubygems.org/
  specs:
    activemodel (3.0.8)
      activesupport (= 3.0.8)
      builder (~> 2.1.2)
      i18n (~> 0.5.0)
    activesupport (3.0.8)
    attr_required (0.0.3)
    bcrypt-ruby (2.1.4)
    builder (2.1.2)
    couchrest (1.1.0.pre3)
      mime-types (~> 1.15)
      multi_json (~> 1.0.0)
      rest-client (~> 1.6.1)
    git (1.2.5)
    httpclient (2.2.1)
    i18n (0.5.0)
    jeweler (1.6.2)
      bundler (~> 1.0)
      git (>= 1.2.5)
      rake
    json (1.5.2)
    mime-types (1.16)
    multi_json (1.0.3)
    rack (1.3.0)
    rack-oauth2 (0.8.1)
      activesupport (>= 2.3)
      attr_required (>= 0.0.3)
      httpclient (>= 2.2.0.2)
      i18n
      json (>= 1.4.3)
      rack (>= 1.1)
    rack-test (0.6.0)
      rack (>= 1.0)
    rake (0.9.2)
    rcov (0.9.9)
    rest-client (1.6.3)
      mime-types (>= 1.16)
    tzinfo (0.3.28)

PLATFORMS
  ruby

DEPENDENCIES
  activesupport
  bcrypt-ruby
  bundler (~> 1.0.0)
  couchrest
  couchrest_model!
  jeweler (~> 1.6.2)
  rack
  rack-oauth2
  rack-test
  rcov
